GEM
  remote: https://rubygems.org/
  specs:
    ffi (1.16.3)

PLATFORMS
  ruby
  x86_64-linux

DEPENDENCIES
  ffi (~> 1.16)

BUNDLED WITH
   2.5.5
